GEM
  remote: https://rubygems.org/
  specs:
    curses (1.0.2)
    diff-lcs (1.2.5)
    drawille (0.3.3)
      curses
    rspec (3.5.0)
      rspec-core (~> 3.5.0)
      rspec-expectations (~> 3.5.0)
      rspec-mocks (~> 3.5.0)
    rspec-core (3.5.2)
      rspec-support (~> 3.5.0)
    rspec-expectations (3.5.0)
      diff-lcs (>= 1.2.0, < 2.0)
      rspec-support (~> 3.5.0)
    rspec-mocks (3.5.0)
      diff-lcs (>= 1.2.0, < 2.0)
      rspec-support (~> 3.5.0)
    rspec-support (3.5.0)

PLATFORMS
  ruby

DEPENDENCIES
  drawille
  rspec (= 3.5)

RUBY VERSION
   ruby 2.3.0p0

BUNDLED WITH
   1.12.5
